GEM
  remote: http://rubygems.org/
  specs:
    facets (2.9.3)
    fattr (2.2.2)
    mharris_ext (1.7.1)
      facets
      fattr
    rack (1.5.2)
    rack-protection (1.5.2)
      rack
    sinatra (1.4.4)
      rack (~> 1.4)
      rack-protection (~> 1.4)
      tilt (~> 1.3, >= 1.3.4)
    tilt (1.4.1)

PLATFORMS
  ruby

DEPENDENCIES
  mharris_ext
  sinatra
